PATH
  remote: .
  specs:
    indian-pincodes (0.0.2)

GEM
  remote: https://rubygems.org/
  specs:
    rake (0.9.6)
    yard (0.9.5)

PLATFORMS
  ruby

DEPENDENCIES
  bundler (~> 1.3)
  indian-pincodes!
  rake (~> 0)
  yard

BUNDLED WITH
   1.12.5
